PATH
  remote: ..
  specs:
    calabash-android (0.9.10.pre1)
      awesome_print (~> 1.2)
      cucumber
      escape (~> 0.0.4)
      httpclient (>= 2.7.1, < 3.0)
      json
      rubyzip (>= 1.2.2, < 1.3)
      slowhandcuke (~> 0.0.3)

GEM
  remote: https://rubygems.org/
  specs:
    awesome_print (1.8.0)
    backports (3.15.0)
    builder (3.2.3)
    coderay (1.1.2)
    cucumber (3.1.2)
      builder (>= 2.1.2)
      cucumber-core (~> 3.2.0)
      cucumber-expressions (~> 6.0.1)
      cucumber-wire (~> 0.0.1)
      diff-lcs (~> 1.3)
      gherkin (~> 5.1.0)
      multi_json (>= 1.7.5, < 2.0)
      multi_test (>= 0.1.2)
    cucumber-core (3.2.1)
      backports (>= 3.8.0)
      cucumber-tag_expressions (~> 1.1.0)
      gherkin (~> 5.0)
    cucumber-expressions (6.0.1)
    cucumber-tag_expressions (1.1.1)
    cucumber-wire (0.0.1)
    diff-lcs (1.3)
    escape (0.0.4)
    gherkin (5.1.0)
    httpclient (2.8.3)
    json (2.2.0)
    method_source (0.9.2)
    mime-types (3.2.2)
      mime-types-data (~> 3.2015)
    mime-types-data (3.2019.0331)
    multi_json (1.13.1)
    multi_test (0.1.2)
    pry (0.12.2)
      coderay (~> 1.1.0)
      method_source (~> 0.9.0)
    pry-nav (0.3.0)
      pry (>= 0.9.10, < 0.13.0)
    retriable (2.0.2)
    rubyzip (1.2.3)
    slowhandcuke (0.0.3)
      cucumber
    thor (0.20.3)
    xamarin-test-cloud (2.3.0)
      bundler
      httpclient (>= 2.7.1, < 3.0)
      json
      mime-types (>= 2.99, < 4.0)
      retriable (>= 1.3.3.1, < 2.1)
      rubyzip (~> 1.1)
      thor (>= 0.18.1, < 1.0)

PLATFORMS
  ruby

DEPENDENCIES
  calabash-android!
  pry
  pry-nav
  xamarin-test-cloud (~> 2.3)

BUNDLED WITH
   2.0.1
